GEM
  specs:
    foreman (0.83.0)
      thor (~> 0.19.1)
    puma (3.7.1)
    thor (0.19.4)

PLATFORMS
  ruby

DEPENDENCIES
  foreman
  puma

RUBY VERSION
   ruby 2.4.1p111

BUNDLED WITH
   1.14.3
