GEM
  remote: https://rubygems.org/
  specs:
    foreman (0.87.0)
    puma (3.12.6)
    puma-heroku (1.0.0)
      puma (~> 3.0)

PLATFORMS
  ruby

DEPENDENCIES
  foreman
  puma (< 3.13)
  puma-heroku

BUNDLED WITH
   1.16.1
