GEM
  remote: https://rubygems.org/
  specs:
    foreman (0.83.0)
      thor (~> 0.19.1)
    puma (3.7.1)
    thor (0.19.4)

PLATFORMS
  ruby

DEPENDENCIES
  foreman
  puma

BUNDLED WITH
   1.14.6
