GEM
  specs:
    puma (3.7.1)

PLATFORMS
  ruby

DEPENDENCIES
  puma

BUNDLED WITH
   1.14.3
