GEM
  remote: https://rubygems.org/
  specs:
    foreman (0.85.0)
      thor (~> 0.19.1)
    puma (3.12.1)
    puma-heroku (1.0.0)
      puma (~> 3.0)
    thor (0.19.4)

PLATFORMS
  ruby

DEPENDENCIES
  foreman
  puma (< 3.13)
  puma-heroku

BUNDLED WITH
   1.16.1
